GEM
  remote: http://rubygems.org/
  specs:
    rack (1.4.1)
    sinatra (1.0)
      rack (>= 1.0)

PLATFORMS
  ruby

DEPENDENCIES
  sinatra
